NUGET
  remote: https://nuget.org/api/v2
  specs:
    FluentAssertions (3.2.1)
    NUnit (2.6.3)
    reactiveui (6.1.0)
      reactiveui-core (6.1.0)
    reactiveui-core (6.1.0)
      Rx-Main (>= 2.2.5)
      Rx-WinRT (>= 2.2.5)
      Rx-Xaml (>= 2.2.5)
      Splat (>= 1.5.0)
    Rx-Core (2.2.5)
      Rx-Interfaces (>= 2.2.5)
    Rx-Interfaces (2.2.5)
    Rx-Linq (2.2.5)
      Rx-Core (>= 2.2.5)
      Rx-Interfaces (>= 2.2.5)
    Rx-Main (2.2.5)
      Rx-Core (>= 2.2.5)
      Rx-Interfaces (>= 2.2.5)
      Rx-Linq (>= 2.2.5)
      Rx-PlatformServices (>= 2.2.5)
    Rx-PlatformServices (2.3)
      Rx-Core (>= 2.2)
      Rx-Interfaces (>= 2.2)
    Rx-WinRT (2.2.5)
      Rx-Main (>= 2.2.5)
    Rx-Xaml (2.2.5)
      Rx-Main (>= 2.2.5)
    Splat (1.5.1)
